GEM
  remote: http://rubygems.org/
  specs:
    hashie (1.2.0)
    multi_json (1.3.6)
    oauth (0.5.6)
    omniauth (1.1.1)
      hashie (~> 1.2)
      rack
    omniauth-oauth (1.0.1)
      oauth
      omniauth (~> 1.0)
    omniauth-twitter (0.0.13)
      multi_json (~> 1.3)
      omniauth-oauth (~> 1.0)
    rack (1.4.1)
    rack-cors (0.2.7)
      rack
    rack-protection (1.2.0)
      rack
    redis (3.0.2)
    sinatra (1.3.3)
      rack (~> 1.3, >= 1.3.6)
      rack-protection (~> 1.2)
      tilt (~> 1.3, >= 1.3.3)
    tilt (1.3.3)

PLATFORMS
  ruby

DEPENDENCIES
  multi_json
  omniauth-twitter
  rack-cors
  redis
  sinatra
